PATH
  remote: .
  specs:
    bibtex-ruby (6.1.0)
      latex-decode (~> 0.0)
      racc (~> 1.7)

GEM
  remote: https://rubygems.org/
  specs:
    bcp47_spec (0.2.1)
    builder (3.2.4)
    cucumber (9.1.1)
      builder (~> 3.2, >= 3.2.4)
      cucumber-ci-environment (~> 9.2, >= 9.2.0)
      cucumber-core (~> 12.0)
      cucumber-cucumber-expressions (~> 17.0)
      cucumber-gherkin (> 24, < 27)
      cucumber-html-formatter (> 20.3, < 22)
      cucumber-messages (> 19, < 25)
      diff-lcs (~> 1.5)
      mini_mime (~> 1.1, >= 1.1.5)
      multi_test (~> 1.1, >= 1.1.0)
      sys-uname (~> 1.2, >= 1.2.3)
    cucumber-ci-environment (9.2.0)
    cucumber-core (12.0.0)
      cucumber-gherkin (>= 25, < 27)
      cucumber-messages (>= 20, < 23)
      cucumber-tag-expressions (~> 5.0, >= 5.0.4)
    cucumber-cucumber-expressions (17.0.1)
    cucumber-gherkin (26.2.0)
      cucumber-messages (>= 19.1.4, < 22.1)
    cucumber-html-formatter (21.2.0)
      cucumber-messages (> 19, < 25)
    cucumber-messages (22.0.0)
    cucumber-tag-expressions (5.0.6)
    debug (1.9.1)
      irb (~> 1.10)
      reline (>= 0.3.8)
    diff-lcs (1.5.0)
    docile (1.4.0)
    ffi (1.16.3)
    ffi (1.16.3-java)
    gnuplot (2.6.2)
    iconv (1.0.8)
    io-console (0.7.1)
    io-console (0.7.1-java)
    irb (1.11.0)
      rdoc
      reline (>= 0.3.8)
    jar-dependencies (0.4.1)
    json (2.7.1)
    json (2.7.1-java)
    latex-decode (0.4.0)
    link_header (0.0.8)
    logger (1.7.0)
    mini_mime (1.1.5)
    minitest (5.20.0)
    multi_test (1.1.0)
    psych (5.1.2)
      stringio
    psych (5.1.2-java)
      jar-dependencies (>= 0.1.7)
    racc (1.7.3)
    racc (1.7.3-java)
    rake (13.1.0)
    rdf (3.3.1)
      bcp47_spec (~> 0.2)
      link_header (~> 0.0, >= 0.0.8)
    rdf-vocab (3.3.0)
      rdf (~> 3.3)
    rdoc (6.6.2)
      psych (>= 4.0.0)
    redcarpet (3.6.0)
    reline (0.4.2)
      io-console (~> 0.5)
    rexml (3.2.6)
    ruby-prof (1.7.0)
    simplecov (0.22.0)
      docile (~> 1.1)
      simplecov-html (~> 0.11)
      simplecov_json_formatter (~> 0.1)
    simplecov-html (0.12.3)
    simplecov_json_formatter (0.1.4)
    stringio (3.1.0)
    sys-uname (1.2.3)
      ffi (~> 1.1)
    unicode (0.4.4.4)
    unicode (0.4.4.4-java)
    yard (0.9.36)

PLATFORMS
  java
  ruby

DEPENDENCIES
  bibtex-ruby!
  cucumber
  debug (>= 1.0)
  gnuplot
  iconv
  json (~> 2.0)
  logger
  minitest
  rake
  rdf (~> 3.0)
  rdf-vocab (~> 3.0)
  redcarpet
  rexml (~> 3.2)
  ruby-prof
  simplecov
  unicode (~> 0.4)
  yard

BUNDLED WITH
   2.5.4
