PATH
  remote: .
  specs:
    bibtex-ruby (5.0.0)
      latex-decode (~> 0.0)

GEM
  remote: https://rubygems.org/
  specs:
    ansi (1.5.0)
    ast (2.4.0)
    builder (3.2.3)
    byebug (11.0.1)
    concurrent-ruby (1.1.5)
    coveralls (0.8.23)
      json (>= 1.8, < 3)
      simplecov (~> 0.16.1)
      term-ansicolor (~> 1.3)
      thor (>= 0.19.4, < 2.0)
      tins (~> 1.6)
    cucumber (1.3.20)
      builder (>= 2.1.2)
      diff-lcs (>= 1.1.3)
      gherkin (~> 2.12)
      multi_json (>= 1.7.5, < 2.0)
      multi_test (>= 0.1.2)
    diff-lcs (1.3)
    docile (1.3.2)
    gherkin (2.12.2)
      multi_json (~> 1.3)
    gnuplot (2.6.2)
    guard-compat (1.2.1)
    guard-cucumber (1.5.4)
      cucumber (>= 1.3.0)
      guard-compat (~> 1.0)
      nenv (~> 0.1)
    guard-minitest (2.4.6)
      guard-compat (~> 1.2)
      minitest (>= 3.0)
    hamster (3.0.0)
      concurrent-ruby (~> 1.0)
    iconv (1.0.8)
    jaro_winkler (1.5.3)
    json (1.8.6)
    latex-decode (0.3.1)
    link_header (0.0.8)
    minitest (4.7.5)
    minitest-ansi (0.1.3)
      ansi (~> 1.3)
      minitest (>= 2.5, < 5.0)
    multi_json (1.13.1)
    multi_test (0.1.2)
    nenv (0.3.0)
    parallel (1.17.0)
    parser (2.6.3.0)
      ast (~> 2.4.0)
    rainbow (3.0.0)
    rake (12.3.2)
    rb-fsevent (0.10.3)
    rdf (2.0.2)
      hamster (~> 3.0)
      link_header (~> 0.0, >= 0.0.8)
    rdf-vocab (2.0.2)
      rdf (~> 2.0)
    redcarpet (3.4.0)
    rubocop (0.71.0)
      jaro_winkler (~> 1.5.1)
      parallel (~> 1.10)
      parser (>= 2.6)
      rainbow (>= 2.2.2, < 4.0)
      ruby-progressbar (~> 1.7)
      unicode-display_width (>= 1.4.0, < 1.7)
    ruby-prof (0.18.0)
    ruby-progressbar (1.10.1)
    simplecov (0.16.1)
      docile (~> 1.1)
      json (>= 1.8, < 3)
      simplecov-html (~> 0.10.0)
    simplecov-html (0.10.2)
    term-ansicolor (1.7.1)
      tins (~> 1.0)
    thor (0.20.3)
    tins (1.20.3)
    unicode (0.4.4.4)
    unicode-display_width (1.6.0)
    yard (0.9.20)

PLATFORMS
  ruby

DEPENDENCIES
  bibtex-ruby!
  byebug
  coveralls (~> 0.7)
  cucumber (~> 1.3)
  gnuplot (~> 2.4)
  guard-cucumber
  guard-minitest
  iconv
  json (~> 1.8)
  minitest (~> 4.7)
  minitest-ansi
  rake
  rb-fsevent
  rdf (~> 2.0.0)
  rdf-vocab (~> 2.0.0)
  redcarpet
  rubocop (~> 0.71.0)
  ruby-debug
  ruby-prof (~> 0.14)
  simplecov (~> 0.8)
  unicode (~> 0.4)
  yard

BUNDLED WITH
   2.0.2
